GEM
  remote: http://rubygems.org/
  specs:
    parallel (0.9.2)

PLATFORMS
  ruby

DEPENDENCIES
  parallel
